GEM
  remote: https://rubygems.org/
  specs:
    builder (3.2.3)
    faraday (0.13.1)
      multipart-post (>= 1.2, < 3)
    geminabox (0.13.11)
      builder
      faraday
      httpclient (>= 2.2.7)
      nesty
      reentrant_flock
      sinatra (>= 1.2.7)
    httpclient (2.8.3)
    multipart-post (2.0.0)
    mustermann (1.1.1)
      ruby2_keywords (~> 0.0.1)
    nesty (1.0.2)
    rack (2.2.6.4)
    rack-auth-ldap (1.0)
      rack
      ruby-ldap
    rack-protection (2.1.0)
      rack
    reentrant_flock (0.1.1)
    ruby-ldap (0.9.19)
    ruby2_keywords (0.0.4)
    sinatra (2.1.0)
      mustermann (~> 1.0)
      rack (~> 2.2)
      rack-protection (= 2.1.0)
      tilt (~> 2.0)
    tilt (2.0.10)

PLATFORMS
  ruby

DEPENDENCIES
  geminabox (~> 0.13, >= 0.13.11)
  rack-auth-ldap (~> 1.0)

BUNDLED WITH
   1.16.0
